GEM
  remote: http://www.rubygems.org/
  remote: http://gems.github.com/
  specs:
    actionmailer (2.3.18)
      actionpack (= 2.3.18)
    actionpack (2.3.18)
      activesupport (= 2.3.18)
      rack (~> 1.1.0)
    activerecord (2.3.18)
      activesupport (= 2.3.18)
    activeresource (2.3.18)
      activesupport (= 2.3.18)
    activesupport (2.3.18)
    ferret (0.11.6)
      rake (> 0.0.0)
    rack (1.1.6)
    rails (2.3.18)
      actionmailer (= 2.3.18)
      actionpack (= 2.3.18)
      activerecord (= 2.3.18)
      activeresource (= 2.3.18)
      activesupport (= 2.3.18)
      rake (>= 0.8.3)
    rake (0.8.7)
    sqlite3 (1.3.7)
    tiny_mce (0.1.8)

PLATFORMS
  ruby

DEPENDENCIES
  ferret (= 0.11.6)
  rails (~> 2.3)
  rake (= 0.8.7)
  sqlite3
  tiny_mce
